GEM
  remote: https://rubygems.org/
  specs:
    da99_rack_protect (3.1.1)
      rack-protection (> 1.5)
    daemons (1.2.6)
    eventmachine (1.2.7)
    mustache (0.99.6)
    rack (1.5.2)
    rack-protection (1.5.3)
      rack
    sinatra (1.4.5)
      rack (~> 1.4)
      rack-protection (~> 1.4)
      tilt (~> 1.3, >= 1.3.4)
    thin (1.7.2)
      daemons (~> 1.0, >= 1.0.9)
      eventmachine (~> 1.0, >= 1.0.4)
      rack (>= 1, < 3)
    tilt (1.4.1)

PLATFORMS
  ruby

DEPENDENCIES
  da99_rack_protect
  eventmachine
  mustache
  sinatra
  thin

RUBY VERSION
   ruby 2.5.1p57

BUNDLED WITH
   1.16.2
